GEM
  remote: https://rubygems.org/
  specs:
    backports (3.15.0)
    json (2.3.0)
    mini_portile2 (2.8.1)
    multi_json (1.14.1)
    mustermann (1.0.3)
    nokogiri (1.14.3)
      mini_portile2 (~> 2.8.0)
      racc (~> 1.4)
    racc (1.6.2)
    rack (2.0.8)
    rack-protection (2.0.7)
      rack
    sinatra (2.0.7)
      mustermann (~> 1.0)
      rack (~> 2.0)
      rack-protection (= 2.0.7)
      tilt (~> 2.0)
    sinatra-contrib (2.0.7)
      backports (>= 2.8.2)
      multi_json
      mustermann (~> 1.0)
      rack-protection (= 2.0.7)
      sinatra (= 2.0.7)
      tilt (~> 2.0)
    sinatra-namespace (1.0)
      sinatra-contrib
    tilt (2.0.10)

PLATFORMS
  ruby

DEPENDENCIES
  json
  nokogiri
  sinatra
  sinatra-namespace

BUNDLED WITH
   1.17.2
